STORAGE: NONE
RESTRICTION: || (== net5.0) (== netstandard2.1)
NUGET
  remote: https://api.nuget.org/v3/index.json
    coverlet.collector (3.0.2)
    FSharp.Core (5.0.2) - content: none
    FSharp.Data (4.2.2)
      FSharp.Core (>= 4.7.2)
    FsUnit (4.0.4)
      FSharp.Core (>= 4.3.4)
      NETStandard.Library (>= 2.0.3)
      NUnit (>= 3.13 < 4.0)
    Microsoft.CodeCoverage (16.11) - restriction: || (== net5.0) (&& (== netstandard2.1) (>= net45)) (&& (== netstandard2.1) (>= netcoreapp1.0))
    Microsoft.DotNet.InternalAbstractions (1.0) - restriction: || (== net5.0) (&& (== netstandard2.1) (>= netcoreapp2.1))
      System.AppContext (>= 4.1)
      System.Collections (>= 4.0.11)
      System.IO (>= 4.1)
      System.IO.FileSystem (>= 4.0.1)
      System.Reflection.TypeExtensions (>= 4.1)
      System.Runtime.Extensions (>= 4.1)
      System.Runtime.InteropServices (>= 4.1)
      System.Runtime.InteropServices.RuntimeInformation (>= 4.0)
    Microsoft.NET.Test.Sdk (16.9.4)
      Microsoft.CodeCoverage (>= 16.9.4) - restriction: || (== net5.0) (&& (== netstandard2.1) (>= net45)) (&& (== netstandard2.1) (>= netcoreapp1.0))
      Microsoft.TestPlatform.TestHost (>= 16.9.4) - restriction: || (== net5.0) (&& (== netstandard2.1) (>= netcoreapp1.0))
    Microsoft.NETCore.Platforms (5.0.2)
    Microsoft.NETCore.Targets (5.0) - restriction: || (== net5.0) (&& (== netstandard2.1) (>= netcoreapp2.1))
    Microsoft.TestPlatform.ObjectModel (16.11) - restriction: || (== net5.0) (&& (== netstandard2.1) (>= netcoreapp1.0))
      NuGet.Frameworks (>= 5.0)
      System.Reflection.Metadata (>= 1.6)
    Microsoft.TestPlatform.TestHost (16.11) - restriction: || (== net5.0) (&& (== netstandard2.1) (>= netcoreapp1.0))
      Microsoft.TestPlatform.ObjectModel (>= 16.11) - restriction: || (== net5.0) (&& (== netstandard2.1) (>= netcoreapp1.0)) (&& (== netstandard2.1) (>= uap10.0))
      Newtonsoft.Json (>= 9.0.1) - restriction: || (== net5.0) (&& (== netstandard2.1) (>= netcoreapp1.0)) (&& (== netstandard2.1) (>= uap10.0))
    Microsoft.Win32.Primitives (4.3) - restriction: || (== net5.0) (&& (== netstandard2.1) (>= netcoreapp2.1))
      Microsoft.NETCore.Platforms (>= 1.1)
      Microsoft.NETCore.Targets (>= 1.1)
      System.Runtime (>= 4.3)
    Microsoft.Win32.Registry (5.0) - restriction: || (== net5.0) (&& (== netstandard2.1) (>= netcoreapp2.1))
      System.Security.AccessControl (>= 5.0)
      System.Security.Principal.Windows (>= 5.0)
    NETStandard.Library (2.0.3)
      Microsoft.NETCore.Platforms (>= 1.1)
    Newtonsoft.Json (13.0.1) - restriction: || (== net5.0) (&& (== netstandard2.1) (>= netcoreapp1.0))
    NuGet.Frameworks (5.11) - restriction: || (== net5.0) (&& (== netstandard2.1) (>= netcoreapp1.0)) (&& (== netstandard2.1) (>= netcoreapp2.1))
    NUnit (3.13.1)
      NETStandard.Library (>= 2.0)
    NUnit3TestAdapter (3.17)
      Microsoft.DotNet.InternalAbstractions (>= 1.0) - restriction: || (== net5.0) (&& (== netstandard2.1) (>= netcoreapp2.1))
      System.ComponentModel.EventBasedAsync (>= 4.3) - restriction: || (== net5.0) (&& (== netstandard2.1) (>= netcoreapp2.1))
      System.ComponentModel.TypeConverter (>= 4.3) - restriction: || (== net5.0) (&& (== netstandard2.1) (>= netcoreapp2.1))
      System.Diagnostics.Process (>= 4.3) - restriction: || (== net5.0) (&& (== netstandard2.1) (>= netcoreapp2.1))
      System.Reflection (>= 4.3) - restriction: || (== net5.0) (&& (== netstandard2.1) (>= netcoreapp2.1))
      System.Runtime.InteropServices.RuntimeInformation (>= 4.3) - restriction: || (== net5.0) (&& (== netstandard2.1) (>= netcoreapp2.1))
      System.Threading.Thread (>= 4.3) - restriction: || (== net5.0) (&& (== netstandard2.1) (>= netcoreapp2.1))
      System.Xml.XmlDocument (>= 4.3) - restriction: || (== net5.0) (&& (== netstandard2.1) (>= netcoreapp2.1))
      System.Xml.XPath.XmlDocument (>= 4.3) - restriction: || (== net5.0) (&& (== netstandard2.1) (>= netcoreapp2.1))
    runtime.native.System (4.3.1) - restriction: || (== net5.0) (&& (== netstandard2.1) (>= netcoreapp2.1))
      Microsoft.NETCore.Platforms (>= 1.1.1)
      Microsoft.NETCore.Targets (>= 1.1.3)
    System.AppContext (4.3) - restriction: || (== net5.0) (&& (== netstandard2.1) (>= netcoreapp2.1))
      System.Runtime (>= 4.3)
    System.Collections (4.3) - restriction: || (== net5.0) (&& (== netstandard2.1) (>= netcoreapp2.1))
      Microsoft.NETCore.Platforms (>= 1.1)
      Microsoft.NETCore.Targets (>= 1.1)
      System.Runtime (>= 4.3)
    System.Collections.NonGeneric (4.3) - restriction: || (== net5.0) (&& (== netstandard2.1) (>= netcoreapp2.1))
      System.Diagnostics.Debug (>= 4.3)
      System.Globalization (>= 4.3)
      System.Resources.ResourceManager (>= 4.3)
      System.Runtime (>= 4.3)
      System.Runtime.Extensions (>= 4.3)
      System.Threading (>= 4.3)
    System.Collections.Specialized (4.3) - restriction: || (== net5.0) (&& (== netstandard2.1) (>= netcoreapp2.1))
      System.Collections.NonGeneric (>= 4.3)
      System.Globalization (>= 4.3)
      System.Globalization.Extensions (>= 4.3)
      System.Resources.ResourceManager (>= 4.3)
      System.Runtime (>= 4.3)
      System.Runtime.Extensions (>= 4.3)
      System.Threading (>= 4.3)
    System.ComponentModel (4.3) - restriction: || (== net5.0) (&& (== netstandard2.1) (>= netcoreapp2.1))
      System.Runtime (>= 4.3)
    System.ComponentModel.EventBasedAsync (4.3) - restriction: || (== net5.0) (&& (== netstandard2.1) (>= netcoreapp2.1))
      System.Resources.ResourceManager (>= 4.3)
      System.Runtime (>= 4.3)
      System.Threading (>= 4.3)
      System.Threading.Tasks (>= 4.3)
    System.ComponentModel.Primitives (4.3) - restriction: || (== net5.0) (&& (== netstandard2.1) (>= netcoreapp2.1))
      System.ComponentModel (>= 4.3)
      System.Resources.ResourceManager (>= 4.3)
      System.Runtime (>= 4.3)
    System.ComponentModel.TypeConverter (4.3) - restriction: || (== net5.0) (&& (== netstandard2.1) (>= netcoreapp2.1))
      System.Collections (>= 4.3)
      System.Collections.NonGeneric (>= 4.3)
      System.Collections.Specialized (>= 4.3)
      System.ComponentModel (>= 4.3)
      System.ComponentModel.Primitives (>= 4.3)
      System.Globalization (>= 4.3)
      System.Linq (>= 4.3)
      System.Reflection (>= 4.3)
      System.Reflection.Extensions (>= 4.3)
      System.Reflection.Primitives (>= 4.3)
      System.Reflection.TypeExtensions (>= 4.3)
      System.Resources.ResourceManager (>= 4.3)
      System.Runtime (>= 4.3)
      System.Runtime.Extensions (>= 4.3)
      System.Threading (>= 4.3)
    System.Diagnostics.Debug (4.3) - restriction: || (== net5.0) (&& (== netstandard2.1) (>= netcoreapp2.1))
      Microsoft.NETCore.Platforms (>= 1.1)
      Microsoft.NETCore.Targets (>= 1.1)
      System.Runtime (>= 4.3)
    System.Diagnostics.Process (4.3) - restriction: || (== net5.0) (&& (== netstandard2.1) (>= netcoreapp2.1))
      Microsoft.NETCore.Platforms (>= 1.1)
      Microsoft.Win32.Primitives (>= 4.3)
      Microsoft.Win32.Registry (>= 4.3)
      runtime.native.System (>= 4.3)
      System.Collections (>= 4.3)
      System.Diagnostics.Debug (>= 4.3)
      System.Globalization (>= 4.3)
      System.IO (>= 4.3)
      System.IO.FileSystem (>= 4.3)
      System.IO.FileSystem.Primitives (>= 4.3)
      System.Resources.ResourceManager (>= 4.3)
      System.Runtime (>= 4.3)
      System.Runtime.Extensions (>= 4.3)
      System.Runtime.Handles (>= 4.3)
      System.Runtime.InteropServices (>= 4.3)
      System.Text.Encoding (>= 4.3)
      System.Text.Encoding.Extensions (>= 4.3)
      System.Threading (>= 4.3)
      System.Threading.Tasks (>= 4.3)
      System.Threading.Thread (>= 4.3)
      System.Threading.ThreadPool (>= 4.3)
    System.Globalization (4.3) - restriction: || (== net5.0) (&& (== netstandard2.1) (>= netcoreapp2.1))
      Microsoft.NETCore.Platforms (>= 1.1)
      Microsoft.NETCore.Targets (>= 1.1)
      System.Runtime (>= 4.3)
    System.Globalization.Extensions (4.3) - restriction: || (== net5.0) (&& (== netstandard2.1) (>= netcoreapp2.1))
      Microsoft.NETCore.Platforms (>= 1.1)
      System.Globalization (>= 4.3)
      System.Resources.ResourceManager (>= 4.3)
      System.Runtime (>= 4.3)
      System.Runtime.Extensions (>= 4.3)
      System.Runtime.InteropServices (>= 4.3)
    System.IO (4.3) - restriction: || (== net5.0) (&& (== netstandard2.1) (>= netcoreapp2.1))
      Microsoft.NETCore.Platforms (>= 1.1)
      Microsoft.NETCore.Targets (>= 1.1)
      System.Runtime (>= 4.3)
      System.Text.Encoding (>= 4.3)
      System.Threading.Tasks (>= 4.3)
    System.IO.FileSystem (4.3) - restriction: || (== net5.0) (&& (== netstandard2.1) (>= netcoreapp2.1))
      Microsoft.NETCore.Platforms (>= 1.1)
      Microsoft.NETCore.Targets (>= 1.1)
      System.IO (>= 4.3)
      System.IO.FileSystem.Primitives (>= 4.3)
      System.Runtime (>= 4.3)
      System.Runtime.Handles (>= 4.3)
      System.Text.Encoding (>= 4.3)
      System.Threading.Tasks (>= 4.3)
    System.IO.FileSystem.Primitives (4.3) - restriction: || (== net5.0) (&& (== netstandard2.1) (>= netcoreapp2.1))
      System.Runtime (>= 4.3)
    System.Linq (4.3) - restriction: || (== net5.0) (&& (== netstandard2.1) (>= netcoreapp2.1))
      System.Collections (>= 4.3)
      System.Diagnostics.Debug (>= 4.3)
      System.Resources.ResourceManager (>= 4.3)
      System.Runtime (>= 4.3)
      System.Runtime.Extensions (>= 4.3)
    System.Reflection (4.3) - restriction: || (== net5.0) (&& (== netstandard2.1) (>= netcoreapp2.1))
      Microsoft.NETCore.Platforms (>= 1.1)
      Microsoft.NETCore.Targets (>= 1.1)
      System.IO (>= 4.3)
      System.Reflection.Primitives (>= 4.3)
      System.Runtime (>= 4.3)
    System.Reflection.Extensions (4.3) - restriction: || (== net5.0) (&& (== netstandard2.1) (>= netcoreapp2.1))
      Microsoft.NETCore.Platforms (>= 1.1)
      Microsoft.NETCore.Targets (>= 1.1)
      System.Reflection (>= 4.3)
      System.Runtime (>= 4.3)
    System.Reflection.Metadata (5.0) - restriction: || (== net5.0) (&& (== netstandard2.1) (>= netcoreapp1.0)) (&& (== netstandard2.1) (>= netcoreapp2.1))
    System.Reflection.Primitives (4.3) - restriction: || (== net5.0) (&& (== netstandard2.1) (>= netcoreapp2.1))
      Microsoft.NETCore.Platforms (>= 1.1)
      Microsoft.NETCore.Targets (>= 1.1)
      System.Runtime (>= 4.3)
    System.Reflection.TypeExtensions (4.7) - restriction: || (== net5.0) (&& (== netstandard2.1) (>= netcoreapp2.1))
    System.Resources.ResourceManager (4.3) - restriction: || (== net5.0) (&& (== netstandard2.1) (>= netcoreapp2.1))
      Microsoft.NETCore.Platforms (>= 1.1)
      Microsoft.NETCore.Targets (>= 1.1)
      System.Globalization (>= 4.3)
      System.Reflection (>= 4.3)
      System.Runtime (>= 4.3)
    System.Runtime (4.3.1) - restriction: || (== net5.0) (&& (== netstandard2.1) (>= netcoreapp2.1))
      Microsoft.NETCore.Platforms (>= 1.1.1)
      Microsoft.NETCore.Targets (>= 1.1.3)
    System.Runtime.Extensions (4.3.1) - restriction: || (== net5.0) (&& (== netstandard2.1) (>= netcoreapp2.1))
      Microsoft.NETCore.Platforms (>= 1.1.1)
      Microsoft.NETCore.Targets (>= 1.1.3)
      System.Runtime (>= 4.3.1)
    System.Runtime.Handles (4.3) - restriction: || (== net5.0) (&& (== netstandard2.1) (>= netcoreapp2.1))
      Microsoft.NETCore.Platforms (>= 1.1)
      Microsoft.NETCore.Targets (>= 1.1)
      System.Runtime (>= 4.3)
    System.Runtime.InteropServices (4.3) - restriction: || (== net5.0) (&& (== netstandard2.1) (>= netcoreapp2.1))
      Microsoft.NETCore.Platforms (>= 1.1)
      Microsoft.NETCore.Targets (>= 1.1)
      System.Reflection (>= 4.3)
      System.Reflection.Primitives (>= 4.3)
      System.Runtime (>= 4.3)
      System.Runtime.Handles (>= 4.3)
    System.Runtime.InteropServices.RuntimeInformation (4.3) - restriction: || (== net5.0) (&& (== netstandard2.1) (>= netcoreapp2.1))
      runtime.native.System (>= 4.3)
      System.Reflection (>= 4.3)
      System.Reflection.Extensions (>= 4.3)
      System.Resources.ResourceManager (>= 4.3)
      System.Runtime (>= 4.3)
      System.Runtime.InteropServices (>= 4.3)
      System.Threading (>= 4.3)
    System.Security.AccessControl (5.0) - restriction: || (== net5.0) (&& (== netstandard2.1) (>= netcoreapp2.1))
      Microsoft.NETCore.Platforms (>= 5.0) - restriction: || (== net5.0) (&& (== netstandard2.1) (>= netcoreapp2.0))
      System.Security.Principal.Windows (>= 5.0)
    System.Security.Principal.Windows (5.0) - restriction: || (== net5.0) (&& (== netstandard2.1) (>= netcoreapp2.1))
    System.Text.Encoding (4.3) - restriction: || (== net5.0) (&& (== netstandard2.1) (>= netcoreapp2.1))
      Microsoft.NETCore.Platforms (>= 1.1)
      Microsoft.NETCore.Targets (>= 1.1)
      System.Runtime (>= 4.3)
    System.Text.Encoding.Extensions (4.3) - restriction: || (== net5.0) (&& (== netstandard2.1) (>= netcoreapp2.1))
      Microsoft.NETCore.Platforms (>= 1.1)
      Microsoft.NETCore.Targets (>= 1.1)
      System.Runtime (>= 4.3)
      System.Text.Encoding (>= 4.3)
    System.Text.RegularExpressions (4.3.1) - restriction: || (== net5.0) (&& (== netstandard2.1) (>= netcoreapp2.1))
      System.Runtime (>= 4.3.1)
    System.Threading (4.3) - restriction: || (== net5.0) (&& (== netstandard2.1) (>= netcoreapp2.1))
      System.Runtime (>= 4.3)
      System.Threading.Tasks (>= 4.3)
    System.Threading.Tasks (4.3) - restriction: || (== net5.0) (&& (== netstandard2.1) (>= netcoreapp2.1))
      Microsoft.NETCore.Platforms (>= 1.1)
      Microsoft.NETCore.Targets (>= 1.1)
      System.Runtime (>= 4.3)
    System.Threading.Tasks.Extensions (4.5.4) - restriction: || (== net5.0) (&& (== netstandard2.1) (>= netcoreapp2.1))
    System.Threading.Thread (4.3) - restriction: || (== net5.0) (&& (== netstandard2.1) (>= netcoreapp2.1))
      System.Runtime (>= 4.3)
    System.Threading.ThreadPool (4.3) - restriction: || (== net5.0) (&& (== netstandard2.1) (>= netcoreapp2.1))
      System.Runtime (>= 4.3)
      System.Runtime.Handles (>= 4.3)
    System.Xml.ReaderWriter (4.3.1) - restriction: || (== net5.0) (&& (== netstandard2.1) (>= netcoreapp2.1))
      System.Collections (>= 4.3)
      System.Diagnostics.Debug (>= 4.3)
      System.Globalization (>= 4.3)
      System.IO (>= 4.3)
      System.IO.FileSystem (>= 4.3)
      System.IO.FileSystem.Primitives (>= 4.3)
      System.Resources.ResourceManager (>= 4.3)
      System.Runtime (>= 4.3)
      System.Runtime.Extensions (>= 4.3)
      System.Runtime.InteropServices (>= 4.3)
      System.Text.Encoding (>= 4.3)
      System.Text.Encoding.Extensions (>= 4.3)
      System.Text.RegularExpressions (>= 4.3)
      System.Threading.Tasks (>= 4.3)
      System.Threading.Tasks.Extensions (>= 4.3)
    System.Xml.XmlDocument (4.3) - restriction: || (== net5.0) (&& (== netstandard2.1) (>= netcoreapp2.1))
      System.Collections (>= 4.3)
      System.Diagnostics.Debug (>= 4.3)
      System.Globalization (>= 4.3)
      System.IO (>= 4.3)
      System.Resources.ResourceManager (>= 4.3)
      System.Runtime (>= 4.3)
      System.Runtime.Extensions (>= 4.3)
      System.Text.Encoding (>= 4.3)
      System.Threading (>= 4.3)
      System.Xml.ReaderWriter (>= 4.3)
    System.Xml.XPath (4.3) - restriction: || (== net5.0) (&& (== netstandard2.1) (>= netcoreapp2.1))
      System.Collections (>= 4.3)
      System.Diagnostics.Debug (>= 4.3)
      System.Globalization (>= 4.3)
      System.IO (>= 4.3)
      System.Resources.ResourceManager (>= 4.3)
      System.Runtime (>= 4.3)
      System.Runtime.Extensions (>= 4.3)
      System.Threading (>= 4.3)
      System.Xml.ReaderWriter (>= 4.3)
    System.Xml.XPath.XmlDocument (4.3) - restriction: || (== net5.0) (&& (== netstandard2.1) (>= netcoreapp2.1))
      System.Collections (>= 4.3)
      System.Globalization (>= 4.3)
      System.IO (>= 4.3)
      System.Resources.ResourceManager (>= 4.3)
      System.Runtime (>= 4.3)
      System.Runtime.Extensions (>= 4.3)
      System.Threading (>= 4.3)
      System.Xml.ReaderWriter (>= 4.3)
      System.Xml.XmlDocument (>= 4.3)
      System.Xml.XPath (>= 4.3)

GROUP Fake
STORAGE: NONE
NUGET
  remote: https://api.nuget.org/v3/index.json
    BlackFox.VsWhere (1.1) - restriction: >= netstandard2.0
      FSharp.Core (>= 4.0.0.1) - restriction: >= net45
      FSharp.Core (>= 4.2.3) - restriction: && (< net45) (>= netstandard2.0)
      Microsoft.Win32.Registry (>= 4.7) - restriction: && (< net45) (>= netstandard2.0)
    Fake.Core.CommandLineParsing (5.20.4) - restriction: >= netstandard2.0
      FParsec (>= 1.1.1) - restriction: >= netstandard2.0
      FSharp.Core (>= 4.7.2) - restriction: >= netstandard2.0
    Fake.Core.Context (5.20.4) - restriction: >= netstandard2.0
      FSharp.Core (>= 4.7.2) - restriction: >= netstandard2.0
    Fake.Core.Environment (5.20.4) - restriction: >= netstandard2.0
      FSharp.Core (>= 4.7.2) - restriction: >= netstandard2.0
    Fake.Core.FakeVar (5.20.4) - restriction: >= netstandard2.0
      Fake.Core.Context (>= 5.20.4) - restriction: >= netstandard2.0
      FSharp.Core (>= 4.7.2) - restriction: >= netstandard2.0
    Fake.Core.Process (5.20.4) - restriction: >= netstandard2.0
      Fake.Core.Environment (>= 5.20.4) - restriction: >= netstandard2.0
      Fake.Core.FakeVar (>= 5.20.4) - restriction: >= netstandard2.0
      Fake.Core.String (>= 5.20.4) - restriction: >= netstandard2.0
      Fake.Core.Trace (>= 5.20.4) - restriction: >= netstandard2.0
      Fake.IO.FileSystem (>= 5.20.4) - restriction: >= netstandard2.0
      FSharp.Core (>= 4.7.2) - restriction: >= netstandard2.0
      System.Collections.Immutable (>= 1.7.1) - restriction: >= netstandard2.0
    Fake.Core.ReleaseNotes (5.20.4)
      Fake.Core.SemVer (>= 5.20.4) - restriction: >= netstandard2.0
      Fake.Core.String (>= 5.20.4) - restriction: >= netstandard2.0
      FSharp.Core (>= 4.7.2) - restriction: >= netstandard2.0
    Fake.Core.SemVer (5.20.4) - restriction: >= netstandard2.0
      FSharp.Core (>= 4.7.2) - restriction: >= netstandard2.0
    Fake.Core.String (5.20.4) - restriction: >= netstandard2.0
      FSharp.Core (>= 4.7.2) - restriction: >= netstandard2.0
    Fake.Core.Target (5.20.4)
      Fake.Core.CommandLineParsing (>= 5.20.4) - restriction: >= netstandard2.0
      Fake.Core.Context (>= 5.20.4) - restriction: >= netstandard2.0
      Fake.Core.Environment (>= 5.20.4) - restriction: >= netstandard2.0
      Fake.Core.FakeVar (>= 5.20.4) - restriction: >= netstandard2.0
      Fake.Core.Process (>= 5.20.4) - restriction: >= netstandard2.0
      Fake.Core.String (>= 5.20.4) - restriction: >= netstandard2.0
      Fake.Core.Trace (>= 5.20.4) - restriction: >= netstandard2.0
      FSharp.Control.Reactive (>= 4.4.2) - restriction: >= netstandard2.0
      FSharp.Core (>= 4.7.2) - restriction: >= netstandard2.0
    Fake.Core.Tasks (5.20.4) - restriction: >= netstandard2.0
      Fake.Core.Trace (>= 5.20.4) - restriction: >= netstandard2.0
      FSharp.Core (>= 4.7.2) - restriction: >= netstandard2.0
    Fake.Core.Trace (5.20.4) - restriction: >= netstandard2.0
      Fake.Core.Environment (>= 5.20.4) - restriction: >= netstandard2.0
      Fake.Core.FakeVar (>= 5.20.4) - restriction: >= netstandard2.0
      FSharp.Core (>= 4.7.2) - restriction: >= netstandard2.0
    Fake.Core.Xml (5.20.4) - restriction: >= netstandard2.0
      Fake.Core.String (>= 5.20.4) - restriction: >= netstandard2.0
      FSharp.Core (>= 4.7.2) - restriction: >= netstandard2.0
    Fake.DotNet.AssemblyInfoFile (5.20.4)
      Fake.Core.Environment (>= 5.20.4) - restriction: >= netstandard2.0
      Fake.Core.String (>= 5.20.4) - restriction: >= netstandard2.0
      Fake.Core.Trace (>= 5.20.4) - restriction: >= netstandard2.0
      Fake.IO.FileSystem (>= 5.20.4) - restriction: >= netstandard2.0
      FSharp.Core (>= 4.7.2) - restriction: >= netstandard2.0
    Fake.DotNet.Cli (5.20.4)
      Fake.Core.Environment (>= 5.20.4) - restriction: >= netstandard2.0
      Fake.Core.Process (>= 5.20.4) - restriction: >= netstandard2.0
      Fake.Core.String (>= 5.20.4) - restriction: >= netstandard2.0
      Fake.Core.Trace (>= 5.20.4) - restriction: >= netstandard2.0
      Fake.DotNet.MSBuild (>= 5.20.4) - restriction: >= netstandard2.0
      Fake.DotNet.NuGet (>= 5.20.4) - restriction: >= netstandard2.0
      Fake.IO.FileSystem (>= 5.20.4) - restriction: >= netstandard2.0
      FSharp.Core (>= 4.7.2) - restriction: >= netstandard2.0
      Mono.Posix.NETStandard (>= 1.0) - restriction: >= netstandard2.0
      Newtonsoft.Json (>= 12.0.3) - restriction: >= netstandard2.0
    Fake.DotNet.MSBuild (5.20.4)
      BlackFox.VsWhere (>= 1.1) - restriction: >= netstandard2.0
      Fake.Core.Environment (>= 5.20.4) - restriction: >= netstandard2.0
      Fake.Core.Process (>= 5.20.4) - restriction: >= netstandard2.0
      Fake.Core.String (>= 5.20.4) - restriction: >= netstandard2.0
      Fake.Core.Trace (>= 5.20.4) - restriction: >= netstandard2.0
      Fake.IO.FileSystem (>= 5.20.4) - restriction: >= netstandard2.0
      FSharp.Core (>= 4.7.2) - restriction: >= netstandard2.0
      MSBuild.StructuredLogger (>= 2.1.176) - restriction: >= netstandard2.0
    Fake.DotNet.NuGet (5.20.4)
      Fake.Core.Environment (>= 5.20.4) - restriction: >= netstandard2.0
      Fake.Core.Process (>= 5.20.4) - restriction: >= netstandard2.0
      Fake.Core.SemVer (>= 5.20.4) - restriction: >= netstandard2.0
      Fake.Core.String (>= 5.20.4) - restriction: >= netstandard2.0
      Fake.Core.Tasks (>= 5.20.4) - restriction: >= netstandard2.0
      Fake.Core.Trace (>= 5.20.4) - restriction: >= netstandard2.0
      Fake.Core.Xml (>= 5.20.4) - restriction: >= netstandard2.0
      Fake.IO.FileSystem (>= 5.20.4) - restriction: >= netstandard2.0
      Fake.Net.Http (>= 5.20.4) - restriction: >= netstandard2.0
      FSharp.Core (>= 4.7.2) - restriction: >= netstandard2.0
      Newtonsoft.Json (>= 12.0.3) - restriction: >= netstandard2.0
      NuGet.Protocol (>= 5.6) - restriction: >= netstandard2.0
    Fake.DotNet.Paket (5.20.4)
      Fake.Core.Process (>= 5.20.4) - restriction: >= netstandard2.0
      Fake.Core.String (>= 5.20.4) - restriction: >= netstandard2.0
      Fake.Core.Trace (>= 5.20.4) - restriction: >= netstandard2.0
      Fake.DotNet.Cli (>= 5.20.4) - restriction: >= netstandard2.0
      Fake.IO.FileSystem (>= 5.20.4) - restriction: >= netstandard2.0
      FSharp.Core (>= 4.7.2) - restriction: >= netstandard2.0
    Fake.DotNet.Testing.NUnit (5.20.4)
      Fake.Core.Environment (>= 5.20.4) - restriction: >= netstandard2.0
      Fake.Core.Process (>= 5.20.4) - restriction: >= netstandard2.0
      Fake.Core.String (>= 5.20.4) - restriction: >= netstandard2.0
      Fake.Core.Trace (>= 5.20.4) - restriction: >= netstandard2.0
      Fake.IO.FileSystem (>= 5.20.4) - restriction: >= netstandard2.0
      Fake.Testing.Common (>= 5.20.4) - restriction: >= netstandard2.0
      FSharp.Core (>= 4.7.2) - restriction: >= netstandard2.0
    Fake.IO.FileSystem (5.20.4) - restriction: >= netstandard2.0
      Fake.Core.String (>= 5.20.4) - restriction: >= netstandard2.0
      FSharp.Core (>= 4.7.2) - restriction: >= netstandard2.0
    Fake.Net.Http (5.20.4) - restriction: >= netstandard2.0
      Fake.Core.Trace (>= 5.20.4) - restriction: >= netstandard2.0
      FSharp.Core (>= 4.7.2) - restriction: >= netstandard2.0
    Fake.Testing.Common (5.20.4) - restriction: >= netstandard2.0
      Fake.Core.Trace (>= 5.20.4) - restriction: >= netstandard2.0
      FSharp.Core (>= 4.7.2) - restriction: >= netstandard2.0
    Fake.Tools.Git (5.20.4)
      Fake.Core.Environment (>= 5.20.4) - restriction: >= netstandard2.0
      Fake.Core.Process (>= 5.20.4) - restriction: >= netstandard2.0
      Fake.Core.SemVer (>= 5.20.4) - restriction: >= netstandard2.0
      Fake.Core.String (>= 5.20.4) - restriction: >= netstandard2.0
      Fake.Core.Trace (>= 5.20.4) - restriction: >= netstandard2.0
      Fake.IO.FileSystem (>= 5.20.4) - restriction: >= netstandard2.0
      FSharp.Core (>= 4.7.2) - restriction: >= netstandard2.0
    FParsec (1.1.1) - restriction: >= netstandard2.0
      FSharp.Core (>= 4.3.4) - restriction: || (>= net45) (>= netstandard2.0)
      System.ValueTuple (>= 4.4) - restriction: >= net45
    FSharp.Control.Reactive (5.0.2) - restriction: >= netstandard2.0
      FSharp.Core (>= 4.7.2) - restriction: >= netstandard2.0
      System.Reactive (>= 5.0) - restriction: >= netstandard2.0
    FSharp.Core (5.0.2) - restriction: >= netstandard2.0
    Microsoft.Bcl.AsyncInterfaces (5.0) - restriction: || (&& (>= monoandroid) (>= net5.0) (< netstandard2.0)) (&& (< monoandroid) (>= net5.0) (< netcoreapp2.1) (< xamarinios) (< xamarinmac) (< xamarintvos) (< xamarinwatchos)) (&& (< monoandroid) (>= net5.0) (< netcoreapp3.0) (< xamarinios) (< xamarinmac) (< xamarintvos) (< xamarinwatchos)) (&& (>= monotouch) (>= net5.0)) (&& (>= net461) (>= net5.0)) (>= net472) (&& (>= net5.0) (< netcoreapp2.0) (>= xamarinios)) (&& (>= net5.0) (< netcoreapp2.0) (< xamarinios) (< xamarinmac) (< xamarintvos) (< xamarinwatchos)) (&& (>= net5.0) (< netcoreapp2.0) (>= xamarinmac)) (&& (>= net5.0) (< netstandard2.0) (>= xamarintvos)) (&& (>= net5.0) (< netstandard2.0) (>= xamarinwatchos)) (&& (>= net5.0) (>= uap10.1))
      System.Threading.Tasks.Extensions (>= 4.5.4) - restriction: || (>= net461) (&& (< netcoreapp2.1) (>= netstandard2.0) (< netstandard2.1))
    Microsoft.Build (16.11) - restriction: >= netstandard2.0
      Microsoft.Build.Framework (>= 16.11) - restriction: || (>= net472) (>= net5.0)
      Microsoft.NET.StringTools (>= 1.0) - restriction: || (>= net472) (>= net5.0)
      Microsoft.VisualStudio.Setup.Configuration.Interop (>= 1.16.30) - restriction: >= net472
      Microsoft.Win32.Registry (>= 4.3) - restriction: >= net5.0
      System.Collections.Immutable (>= 5.0) - restriction: || (>= net472) (>= net5.0)
      System.Configuration.ConfigurationManager (>= 4.7) - restriction: || (>= net472) (>= net5.0)
      System.Memory (>= 4.5.4) - restriction: >= net472
      System.Reflection.Metadata (>= 1.6) - restriction: >= net5.0
      System.Security.Principal.Windows (>= 4.7) - restriction: >= net5.0
      System.Text.Encoding.CodePages (>= 4.0.1) - restriction: >= net5.0
      System.Text.Json (>= 4.7) - restriction: || (>= net472) (>= net5.0)
      System.Threading.Tasks.Dataflow (>= 4.9) - restriction: || (>= net472) (>= net5.0)
    Microsoft.Build.Framework (16.11) - restriction: >= netstandard2.0
      System.Security.Permissions (>= 4.7) - restriction: && (< net472) (>= netstandard2.0)
    Microsoft.Build.Tasks.Core (16.11) - restriction: >= netstandard2.0
      Microsoft.Build.Framework (>= 16.11) - restriction: >= netstandard2.0
      Microsoft.Build.Utilities.Core (>= 16.11) - restriction: >= netstandard2.0
      Microsoft.NET.StringTools (>= 1.0) - restriction: >= netstandard2.0
      Microsoft.VisualStudio.Setup.Configuration.Interop (>= 1.16.30) - restriction: >= net472
      Microsoft.Win32.Registry (>= 4.3) - restriction: && (< net472) (>= netstandard2.0)
      System.CodeDom (>= 4.4) - restriction: && (< net472) (>= netstandard2.0)
      System.Collections.Immutable (>= 5.0) - restriction: >= netstandard2.0
      System.Reflection.Metadata (>= 1.6) - restriction: && (< net472) (>= netstandard2.0)
      System.Resources.Extensions (>= 4.6) - restriction: >= netstandard2.0
      System.Security.Cryptography.Pkcs (>= 4.7) - restriction: && (< net472) (>= netstandard2.0)
      System.Security.Cryptography.Xml (>= 4.7) - restriction: && (< net472) (>= netstandard2.0)
      System.Security.Permissions (>= 4.7) - restriction: && (< net472) (>= netstandard2.0)
      System.Threading.Tasks.Dataflow (>= 4.9) - restriction: >= netstandard2.0
    Microsoft.Build.Utilities.Core (16.11) - restriction: >= netstandard2.0
      Microsoft.Build.Framework (>= 16.11) - restriction: >= netstandard2.0
      Microsoft.NET.StringTools (>= 1.0) - restriction: >= netstandard2.0
      Microsoft.VisualStudio.Setup.Configuration.Interop (>= 1.16.30) - restriction: >= net472
      Microsoft.Win32.Registry (>= 4.3) - restriction: && (< net472) (>= netstandard2.0)
      System.Collections.Immutable (>= 5.0) - restriction: >= netstandard2.0
      System.Configuration.ConfigurationManager (>= 4.7) - restriction: >= netstandard2.0
      System.Security.Permissions (>= 4.7) - restriction: && (< net472) (>= netstandard2.0)
      System.Text.Encoding.CodePages (>= 4.0.1) - restriction: && (< net472) (>= netstandard2.0)
    Microsoft.NET.StringTools (1.0) - restriction: >= netstandard2.0
      System.Memory (>= 4.5.4) - restriction: >= netstandard2.0
      System.Runtime.CompilerServices.Unsafe (>= 5.0) - restriction: >= netstandard2.0
    Microsoft.NETCore.Platforms (5.0.2) - restriction: || (&& (>= monoandroid) (>= netcoreapp2.0) (< netstandard1.3)) (&& (< monoandroid) (< net45) (< netcoreapp3.1) (>= netstandard2.0) (< win8) (< wpa81) (< xamarinios) (< xamarinmac) (< xamarintvos) (< xamarinwatchos)) (&& (< monoandroid) (< net45) (< netstandard1.2) (>= netstandard2.0) (< win8)) (&& (< monoandroid) (< net45) (< netstandard1.3) (>= netstandard2.0) (< win8) (< wpa81)) (&& (< monoandroid) (< net45) (< netstandard1.5) (>= netstandard2.0) (< win8) (< wpa81)) (&& (< monoandroid) (>= net5.0) (< netstandard2.1) (< xamarintvos) (< xamarinwatchos)) (&& (< monoandroid) (>= netcoreapp2.0)) (&& (>= monotouch) (>= netcoreapp2.0)) (&& (>= net461) (>= netcoreapp2.0)) (&& (>= netcoreapp2.0) (>= uap10.1)) (&& (>= netcoreapp2.0) (>= xamarinios)) (&& (>= netcoreapp2.0) (>= xamarinmac)) (&& (>= netcoreapp2.0) (>= xamarintvos)) (&& (>= netcoreapp2.0) (>= xamarinwatchos)) (>= netcoreapp2.1) (&& (>= netcoreapp3.0) (< xamarinios) (< xamarinmac) (< xamarintvos) (< xamarinwatchos))
    Microsoft.NETCore.Targets (5.0) - restriction: || (&& (< monoandroid) (< net45) (< netcoreapp3.1) (>= netstandard2.0) (< win8) (< wpa81) (< xamarinios) (< xamarinmac) (< xamarintvos) (< xamarinwatchos)) (&& (< monoandroid) (< net45) (< netstandard1.2) (>= netstandard2.0) (< win8)) (&& (< monoandroid) (< net45) (< netstandard1.3) (>= netstandard2.0) (< win8) (< wpa81)) (&& (< monoandroid) (< net45) (< netstandard1.5) (>= netstandard2.0) (< win8) (< wpa81))
    Microsoft.VisualStudio.Setup.Configuration.Interop (1.16.30) - restriction: >= net472
    Microsoft.Win32.Registry (5.0) - restriction: || (&& (< net45) (>= netstandard2.0)) (&& (< net472) (>= netstandard2.0)) (>= net5.0)
      System.Buffers (>= 4.5.1) - restriction: || (&& (>= monoandroid) (< netstandard1.3)) (>= monotouch) (&& (< net46) (< netcoreapp2.0) (>= netstandard2.0)) (>= xamarinios) (>= xamarinmac) (>= xamarintvos) (>= xamarinwatchos)
      System.Memory (>= 4.5.4) - restriction: || (&& (< monoandroid) (>= netcoreapp2.0) (< netcoreapp2.1) (< xamarinios) (< xamarinmac) (< xamarintvos) (< xamarinwatchos)) (&& (< net46) (< netcoreapp2.0) (>= netstandard2.0) (< xamarinios) (< xamarinmac) (< xamarintvos) (< xamarinwatchos)) (>= uap10.1)
      System.Security.AccessControl (>= 5.0) - restriction: || (&& (>= monoandroid) (< netstandard1.3)) (&& (< monoandroid) (>= netcoreapp2.0)) (>= monotouch) (&& (< net46) (< netcoreapp2.0) (>= netstandard2.0)) (>= net461) (>= netcoreapp2.1) (>= uap10.1) (>= xamarinios) (>= xamarinmac) (>= xamarintvos) (>= xamarinwatchos)
      System.Security.Principal.Windows (>= 5.0) - restriction: || (&& (>= monoandroid) (< netstandard1.3)) (&& (< monoandroid) (>= netcoreapp2.0)) (>= monotouch) (&& (< net46) (< netcoreapp2.0) (>= netstandard2.0)) (>= net461) (>= netcoreapp2.1) (>= uap10.1) (>= xamarinios) (>= xamarinmac) (>= xamarintvos) (>= xamarinwatchos)
    Microsoft.Win32.SystemEvents (5.0) - restriction: && (>= netcoreapp3.0) (< xamarinios) (< xamarinmac) (< xamarintvos) (< xamarinwatchos)
      Microsoft.NETCore.Platforms (>= 5.0) - restriction: >= netcoreapp2.0
    Mono.Posix.NETStandard (1.0) - restriction: >= netstandard2.0
    MSBuild.StructuredLogger (2.1.545) - restriction: >= netstandard2.0
      Microsoft.Build (>= 16.10) - restriction: >= netstandard2.0
      Microsoft.Build.Framework (>= 16.10) - restriction: >= netstandard2.0
      Microsoft.Build.Tasks.Core (>= 16.10) - restriction: >= netstandard2.0
      Microsoft.Build.Utilities.Core (>= 16.10) - restriction: >= netstandard2.0
    Newtonsoft.Json (13.0.1) - restriction: >= netstandard2.0
    NuGet.Common (5.11) - restriction: >= netstandard2.0
      NuGet.Frameworks (>= 5.11) - restriction: || (>= net45) (>= netstandard2.0)
    NuGet.Configuration (5.11) - restriction: >= netstandard2.0
      NuGet.Common (>= 5.11) - restriction: || (>= net45) (>= netstandard2.0)
      System.Security.Cryptography.ProtectedData (>= 4.4) - restriction: && (< net45) (>= netstandard2.0)
    NuGet.Frameworks (5.11) - restriction: >= netstandard2.0
    NuGet.Packaging (5.11) - restriction: >= netstandard2.0
      Newtonsoft.Json (>= 9.0.1) - restriction: >= netstandard2.0
      NuGet.Configuration (>= 5.11) - restriction: >= netstandard2.0
      NuGet.Versioning (>= 5.11) - restriction: >= netstandard2.0
      System.Security.Cryptography.Cng (>= 5.0) - restriction: || (&& (< net472) (>= netstandard2.0)) (>= net5.0)
      System.Security.Cryptography.Pkcs (>= 5.0) - restriction: || (&& (< net472) (>= netstandard2.0)) (>= net5.0)
    NuGet.Protocol (5.11) - restriction: >= netstandard2.0
      NuGet.Packaging (>= 5.11) - restriction: >= netstandard2.0
    NuGet.Versioning (5.11) - restriction: >= netstandard2.0
    System.Buffers (4.5.1) - restriction: || (&& (>= monoandroid) (>= net5.0) (< netstandard2.0)) (&& (>= monoandroid) (< netstandard1.3) (>= netstandard2.0)) (&& (< monoandroid) (< net46) (< netcoreapp2.0) (>= netstandard2.0) (< netstandard2.1) (< xamarintvos) (< xamarinwatchos)) (&& (>= monotouch) (>= net5.0)) (&& (>= monotouch) (>= netstandard2.0)) (&& (< net45) (< netcoreapp2.0) (>= netstandard2.0)) (&& (>= net461) (>= net5.0)) (>= net472) (&& (>= net5.0) (< netcoreapp2.0) (< xamarintvos) (< xamarinwatchos)) (&& (>= net5.0) (< netstandard2.0) (>= xamarintvos)) (&& (>= net5.0) (< netstandard2.0) (>= xamarinwatchos)) (&& (>= netstandard2.0) (>= xamarintvos)) (&& (>= netstandard2.0) (>= xamarinwatchos)) (>= xamarinios) (>= xamarinmac)
    System.CodeDom (5.0) - restriction: && (< net472) (>= netstandard2.0)
    System.Collections.Immutable (5.0) - restriction: >= netstandard2.0
      System.Memory (>= 4.5.4) - restriction: || (&& (< monoandroid) (< monotouch) (< net45) (>= netstandard1.3) (< netstandard2.0) (< win8) (< wpa81) (< xamarintvos) (< xamarinwatchos)) (&& (< net45) (< netcoreapp2.1) (>= netstandard2.0) (< xamarinios) (< xamarinmac) (< xamarintvos) (< xamarinwatchos)) (&& (>= net46) (< netstandard2.0)) (>= net461) (>= uap10.1)
    System.Configuration.ConfigurationManager (5.0) - restriction: >= netstandard2.0
      System.Security.Cryptography.ProtectedData (>= 5.0) - restriction: && (< net461) (>= netstandard2.0) (< xamarinios) (< xamarinmac) (< xamarintvos) (< xamarinwatchos)
      System.Security.Permissions (>= 5.0) - restriction: || (>= monoandroid) (>= monotouch) (>= net461) (>= netstandard2.0) (>= xamarintvos) (>= xamarinwatchos)
    System.Drawing.Common (5.0.2) - restriction: >= netcoreapp3.0
      Microsoft.Win32.SystemEvents (>= 5.0) - restriction: || (&& (< monoandroid) (>= netcoreapp2.0) (< netcoreapp3.0) (< xamarinios) (< xamarinmac) (< xamarintvos) (< xamarinwatchos)) (&& (>= netcoreapp3.0) (< xamarinios) (< xamarinmac) (< xamarintvos) (< xamarinwatchos))
    System.Formats.Asn1 (5.0) - restriction: || (&& (>= monoandroid) (>= net5.0) (< netstandard1.3)) (&& (>= monoandroid) (< netstandard1.3) (>= netstandard2.0)) (&& (< monoandroid) (< net46) (< netcoreapp2.0) (>= netstandard2.0) (< netstandard2.1)) (&& (< monoandroid) (>= net5.0) (< netcoreapp2.1) (< netstandard2.1)) (&& (< monoandroid) (>= netcoreapp2.0) (< netcoreapp2.1) (< netstandard2.1)) (&& (>= monotouch) (>= net5.0)) (&& (>= monotouch) (>= netstandard2.0)) (&& (>= net5.0) (< netcoreapp2.0)) (&& (>= net5.0) (>= uap10.1)) (&& (>= net5.0) (>= xamarintvos)) (&& (>= net5.0) (< xamarintvos) (< xamarinwatchos)) (&& (>= net5.0) (>= xamarinwatchos)) (&& (< netcoreapp2.0) (>= netstandard2.1)) (>= netcoreapp3.0) (&& (>= netstandard2.0) (>= uap10.1)) (&& (>= netstandard2.0) (>= xamarintvos)) (&& (>= netstandard2.0) (>= xamarinwatchos)) (>= xamarinios) (>= xamarinmac)
    System.IO (4.3) - restriction: || (&& (< monoandroid) (< net46) (< netstandard1.4) (>= netstandard2.0)) (&& (< monoandroid) (< net46) (< netstandard1.6) (>= netstandard2.0)) (&& (< monoandroid) (>= net5.0) (< netstandard1.4)) (&& (< monoandroid) (>= net5.0) (< netstandard1.6)) (&& (< monoandroid) (>= net5.0) (< netstandard2.0) (< xamarintvos) (< xamarinwatchos)) (&& (>= net46) (>= net5.0) (< netstandard1.4)) (&& (< net46) (>= net461) (< netstandard1.4) (>= netstandard2.0)) (&& (< net46) (>= net461) (< netstandard1.6) (>= netstandard2.0)) (&& (< net46) (>= net462) (< netstandard1.4) (>= netstandard2.0)) (&& (< net46) (>= net462) (< netstandard1.6) (>= netstandard2.0)) (&& (< net46) (>= net47) (>= netstandard2.0)) (&& (>= net461) (>= net5.0) (< netstandard1.4)) (&& (>= net461) (>= net5.0) (< netstandard1.6)) (&& (>= net462) (>= net5.0) (< netstandard1.4)) (&& (>= net462) (>= net5.0) (< netstandard1.6)) (&& (>= net463) (>= net5.0) (< netstandard1.4)) (&& (>= net463) (>= net5.0) (< netstandard1.6)) (&& (>= net463) (>= net5.0) (< netstandard2.0)) (&& (>= net463) (< netstandard1.4) (>= netstandard2.0)) (&& (>= net463) (< netstandard1.6) (>= netstandard2.0)) (&& (>= net47) (< net472) (>= netstandard2.0)) (&& (>= net47) (>= net5.0))
    System.Memory (4.5.4) - restriction: || (&& (< monoandroid) (< net46) (< netcoreapp2.0) (>= netstandard2.0) (< netstandard2.1) (< xamarintvos) (< xamarinwatchos)) (&& (< monoandroid) (>= netcoreapp2.0) (< netcoreapp2.1) (< netstandard2.1) (< xamarintvos) (< xamarinwatchos)) (&& (< monoandroid) (>= netcoreapp2.0) (< netcoreapp2.1) (< xamarinios) (< xamarinmac) (< xamarintvos) (< xamarinwatchos)) (&& (< net45) (< netcoreapp2.0) (>= netstandard2.0) (< xamarinios) (< xamarinmac) (< xamarintvos) (< xamarinwatchos)) (&& (>= net461) (>= netstandard2.0)) (>= net472) (>= net5.0) (&& (< netcoreapp2.1) (>= netstandard2.0) (< xamarinios) (< xamarinmac) (< xamarintvos) (< xamarinwatchos)) (&& (>= netstandard2.0) (>= uap10.1))
      System.Buffers (>= 4.5.1) - restriction: || (&& (>= monoandroid) (< netstandard1.1)) (&& (< monoandroid) (< net45) (>= netstandard1.1) (< netstandard2.0) (< win8) (< wpa81)) (&& (< monoandroid) (< netstandard1.1) (>= portable-net45+win8+wpa81) (< win8)) (>= monotouch) (&& (>= net45) (< netstandard2.0)) (&& (< net45) (< netcoreapp2.0) (>= netstandard2.0)) (>= net461) (&& (< netstandard1.1) (>= win8)) (&& (< netstandard2.0) (< uap10.1) (>= wpa81)) (>= xamarinios) (>= xamarinmac) (>= xamarintvos) (>= xamarinwatchos)
      System.Numerics.Vectors (>= 4.5) - restriction: >= net461
      System.Runtime.CompilerServices.Unsafe (>= 4.5.3) - restriction: || (&& (>= monoandroid) (< netstandard1.1)) (&& (< monoandroid) (< net45) (>= netstandard1.1) (< netstandard2.0) (< win8) (< wpa81)) (&& (< monoandroid) (>= netcoreapp2.0) (< netcoreapp2.1)) (&& (< monoandroid) (< netstandard1.1) (>= portable-net45+win8+wpa81) (< win8)) (>= monotouch) (&& (>= net45) (< netstandard2.0)) (&& (< net45) (< netcoreapp2.0) (>= netstandard2.0)) (>= net461) (&& (< netstandard1.1) (>= win8)) (&& (< netstandard2.0) (>= wpa81)) (>= uap10.1) (>= xamarinios) (>= xamarinmac) (>= xamarintvos) (>= xamarinwatchos)
    System.Numerics.Vectors (4.5) - restriction: || (&& (>= net461) (>= net5.0)) (>= net472) (&& (>= net5.0) (< netcoreapp2.0) (< xamarinios) (< xamarinmac) (< xamarintvos) (< xamarinwatchos))
    System.Reactive (5.0) - restriction: >= netstandard2.0
      System.Runtime.InteropServices.WindowsRuntime (>= 4.3) - restriction: && (< net472) (< netcoreapp3.1) (>= netstandard2.0)
      System.Threading.Tasks.Extensions (>= 4.5.4) - restriction: || (>= net472) (&& (< netcoreapp3.1) (>= netstandard2.0)) (>= uap10.1)
    System.Reflection.Metadata (5.0) - restriction: || (&& (< net472) (>= netstandard2.0)) (>= net5.0)
    System.Resources.Extensions (5.0) - restriction: >= netstandard2.0
      System.Memory (>= 4.5.4) - restriction: || (>= net461) (&& (< netcoreapp2.1) (>= netstandard2.0) (< xamarinios) (< xamarinmac) (< xamarintvos) (< xamarinwatchos))
    System.Runtime (4.3.1) - restriction: || (&& (< monoandroid) (< net45) (< netcoreapp3.1) (>= netstandard2.0) (< win8) (< wpa81) (< xamarinios) (< xamarinmac) (< xamarintvos) (< xamarinwatchos)) (&& (< monoandroid) (< net46) (< netstandard1.4) (>= netstandard2.0)) (&& (< monoandroid) (< net46) (< netstandard1.6) (>= netstandard2.0)) (&& (< monoandroid) (>= net5.0) (< netstandard1.4)) (&& (< monoandroid) (>= net5.0) (< netstandard1.6)) (&& (< monoandroid) (>= net5.0) (< netstandard2.0) (< xamarintvos) (< xamarinwatchos)) (&& (>= net46) (>= net5.0) (< netstandard1.4)) (&& (< net46) (>= net461) (< netstandard1.4) (>= netstandard2.0)) (&& (< net46) (>= net461) (< netstandard1.6) (>= netstandard2.0)) (&& (< net46) (>= net462) (< netstandard1.4) (>= netstandard2.0)) (&& (< net46) (>= net462) (< netstandard1.6) (>= netstandard2.0)) (&& (< net46) (>= net47) (>= netstandard2.0)) (&& (>= net461) (>= net5.0) (< netstandard1.4)) (&& (>= net461) (>= net5.0) (< netstandard1.6)) (&& (>= net462) (>= net5.0) (< netstandard1.4)) (&& (>= net462) (>= net5.0) (< netstandard1.6)) (&& (>= net463) (>= net5.0) (< netstandard1.4)) (&& (>= net463) (>= net5.0) (< netstandard1.6)) (&& (>= net463) (>= net5.0) (< netstandard2.0)) (&& (>= net463) (< netstandard1.4) (>= netstandard2.0)) (&& (>= net463) (< netstandard1.6) (>= netstandard2.0)) (&& (>= net47) (< net472) (>= netstandard2.0)) (&& (>= net47) (>= net5.0))
      Microsoft.NETCore.Platforms (>= 1.1.1) - restriction: || (&& (< monoandroid) (< net45) (>= netstandard1.0) (< netstandard1.2) (< win8) (< wp8)) (&& (< monoandroid) (< net45) (>= netstandard1.2) (< netstandard1.3) (< win8) (< wpa81)) (&& (< monoandroid) (< net45) (>= netstandard1.3) (< netstandard1.5) (< win8) (< wpa81)) (&& (< monotouch) (< net45) (>= netstandard1.5) (< win8) (< wpa81) (< xamarinios) (< xamarinmac) (< xamarintvos) (< xamarinwatchos))
      Microsoft.NETCore.Targets (>= 1.1.3) - restriction: || (&& (< monoandroid) (< net45) (>= netstandard1.0) (< netstandard1.2) (< win8) (< wp8)) (&& (< monoandroid) (< net45) (>= netstandard1.2) (< netstandard1.3) (< win8) (< wpa81)) (&& (< monoandroid) (< net45) (>= netstandard1.3) (< netstandard1.5) (< win8) (< wpa81)) (&& (< monotouch) (< net45) (>= netstandard1.5) (< win8) (< wpa81) (< xamarinios) (< xamarinmac) (< xamarintvos) (< xamarinwatchos))
    System.Runtime.CompilerServices.Unsafe (5.0) - restriction: || (&& (< monoandroid) (< netstandard1.0) (>= netstandard2.0) (< win8)) (&& (< net45) (< netcoreapp2.1) (>= netstandard2.0) (< xamarinios) (< xamarinmac) (< xamarintvos) (< xamarinwatchos)) (&& (>= net461) (>= netstandard2.0)) (>= net472) (>= net5.0) (&& (< netstandard1.0) (>= netstandard2.0) (>= win8)) (&& (>= netstandard2.0) (>= uap10.1)) (&& (>= netstandard2.0) (>= wp8))
    System.Runtime.InteropServices.WindowsRuntime (4.3) - restriction: && (< net472) (< netcoreapp3.1) (>= netstandard2.0)
      System.Runtime (>= 4.3) - restriction: && (< monoandroid) (< monotouch) (< net45) (>= netstandard1.0) (< win8) (< wp8) (< wpa81) (< xamarinios) (< xamarinmac) (< xamarintvos) (< xamarinwatchos)
    System.Security.AccessControl (5.0) - restriction: || (&& (>= monoandroid) (< netstandard1.3) (>= netstandard2.0)) (&& (< monoandroid) (>= netcoreapp2.0)) (&& (>= monotouch) (>= netstandard2.0)) (&& (< net45) (>= net461) (>= netstandard2.0)) (&& (< net45) (< netcoreapp2.0) (>= netstandard2.0)) (&& (< net472) (>= netstandard2.0)) (>= netcoreapp2.1) (&& (>= netstandard2.0) (>= uap10.1)) (&& (>= netstandard2.0) (>= xamarintvos)) (&& (>= netstandard2.0) (>= xamarinwatchos)) (>= xamarinios) (>= xamarinmac)
      Microsoft.NETCore.Platforms (>= 5.0) - restriction: >= netcoreapp2.0
      System.Security.Principal.Windows (>= 5.0) - restriction: || (&& (>= net46) (< netstandard2.0)) (&& (< net46) (>= netstandard1.3) (< netstandard2.0) (< uap10.1)) (&& (< net46) (>= netstandard2.0)) (>= net461) (>= netcoreapp2.0)
    System.Security.Cryptography.Algorithms (4.3.1) - restriction: || (&& (< monoandroid) (< net46) (< netstandard1.4) (>= netstandard2.0)) (&& (< monoandroid) (< net46) (< netstandard1.6) (>= netstandard2.0)) (&& (< monoandroid) (>= net5.0) (< netstandard1.4)) (&& (< monoandroid) (>= net5.0) (< netstandard1.6)) (&& (< monoandroid) (>= net5.0) (< netstandard2.0) (< xamarintvos) (< xamarinwatchos)) (&& (>= net46) (>= net5.0) (< netstandard1.4)) (&& (>= net46) (< netstandard1.4) (>= netstandard2.0)) (&& (>= net461) (< net462) (< netstandard1.6) (>= netstandard2.0)) (&& (>= net461) (>= net5.0) (< netstandard1.6)) (&& (>= net462) (>= net5.0) (< netstandard1.6)) (&& (>= net462) (< netstandard1.6) (>= netstandard2.0)) (&& (>= net47) (< net472) (>= netstandard2.0)) (&& (>= net47) (>= net5.0))
      System.IO (>= 4.3) - restriction: || (&& (< monoandroid) (< net46) (>= netstandard1.3) (< netstandard1.4)) (&& (< monoandroid) (< net46) (>= netstandard1.4) (< netstandard1.6)) (&& (< monotouch) (< net46) (>= netstandard1.6) (< xamarinios) (< xamarinmac) (< xamarintvos) (< xamarinwatchos)) (>= net463)
      System.Runtime (>= 4.3) - restriction: || (&& (< monoandroid) (< net46) (>= netstandard1.3) (< netstandard1.4)) (&& (< monoandroid) (< net46) (>= netstandard1.4) (< netstandard1.6)) (&& (< monotouch) (< net46) (>= netstandard1.6) (< xamarinios) (< xamarinmac) (< xamarintvos) (< xamarinwatchos)) (>= net463)
      System.Security.Cryptography.Encoding (>= 4.3) - restriction: || (&& (< monotouch) (< net46) (>= netstandard1.6) (< xamarinios) (< xamarinmac) (< xamarintvos) (< xamarinwatchos)) (>= net463)
      System.Security.Cryptography.Primitives (>= 4.3) - restriction: || (&& (< monoandroid) (< net46) (>= netstandard1.3) (< netstandard1.4)) (&& (< monoandroid) (< net46) (>= netstandard1.4) (< netstandard1.6)) (&& (< monotouch) (< net46) (>= netstandard1.6) (< xamarinios) (< xamarinmac) (< xamarintvos) (< xamarinwatchos)) (&& (>= net46) (< netstandard1.4)) (&& (>= net461) (< netstandard1.6)) (>= net463)
    System.Security.Cryptography.Cng (5.0) - restriction: || (&& (< monoandroid) (< net46) (< netcoreapp2.0) (>= netstandard2.0) (< netstandard2.1) (< xamarintvos) (< xamarinwatchos)) (&& (< monoandroid) (>= netcoreapp2.0) (< netcoreapp2.1) (< netstandard2.1) (< xamarintvos) (< xamarinwatchos)) (&& (< monoandroid) (>= netcoreapp2.1) (< netstandard2.1) (< xamarintvos) (< xamarinwatchos)) (&& (< net472) (>= netstandard2.0)) (>= net5.0) (&& (< netcoreapp2.0) (>= netstandard2.1) (< xamarinios) (< xamarinmac) (< xamarintvos) (< xamarinwatchos)) (&& (>= netcoreapp3.0) (< xamarinios) (< xamarinmac) (< xamarintvos) (< xamarinwatchos))
      Microsoft.NETCore.Platforms (>= 5.0) - restriction: && (< monoandroid) (>= netcoreapp2.0) (< netcoreapp2.1) (< netstandard2.1) (< xamarintvos) (< xamarinwatchos)
      System.Formats.Asn1 (>= 5.0) - restriction: && (>= netcoreapp3.0) (< xamarinios) (< xamarinmac) (< xamarintvos) (< xamarinwatchos)
      System.Security.Cryptography.Algorithms (>= 4.3.1) - restriction: || (&& (< monoandroid) (< monotouch) (< net46) (>= netstandard1.6) (< netstandard2.0) (< xamarintvos) (< xamarinwatchos)) (&& (< monoandroid) (< net46) (>= netstandard1.3) (< netstandard1.4)) (&& (< monoandroid) (< net46) (>= netstandard1.4) (< netstandard1.6) (< uap10.1)) (&& (>= net46) (< netstandard1.4)) (&& (>= net461) (< net462) (< netstandard1.6)) (&& (>= net462) (< netstandard1.6)) (>= net47)
    System.Security.Cryptography.Encoding (4.3) - restriction: || (&& (< monoandroid) (< net46) (< netstandard1.4) (>= netstandard2.0)) (&& (< monoandroid) (< net46) (< netstandard1.6) (>= netstandard2.0)) (&& (< monoandroid) (>= net5.0) (< netstandard1.4)) (&& (< monoandroid) (>= net5.0) (< netstandard1.6)) (&& (< monoandroid) (>= net5.0) (< netstandard2.0) (< xamarintvos) (< xamarinwatchos)) (&& (>= net46) (>= net5.0) (< netstandard1.4)) (&& (< net46) (>= net461) (< netstandard1.6) (>= netstandard2.0)) (&& (< net46) (>= net462) (< netstandard1.6) (>= netstandard2.0)) (&& (< net46) (>= net47) (>= netstandard2.0)) (&& (>= net461) (>= net5.0) (< netstandard1.6)) (&& (>= net462) (>= net5.0) (< netstandard1.6)) (&& (>= net463) (>= net5.0) (< netstandard1.4)) (&& (>= net463) (>= net5.0) (< netstandard1.6)) (&& (>= net463) (>= net5.0) (< netstandard2.0)) (&& (>= net463) (< netstandard1.4) (>= netstandard2.0)) (&& (>= net463) (< netstandard1.6) (>= netstandard2.0)) (&& (>= net47) (< net472) (>= netstandard2.0)) (&& (>= net47) (>= net5.0))
    System.Security.Cryptography.Pkcs (5.0.1) - restriction: || (&& (>= monotouch) (>= netstandard2.0)) (&& (< net461) (>= netstandard2.0)) (&& (< net472) (>= netstandard2.0)) (>= netcoreapp2.1) (&& (>= netstandard2.0) (>= xamarintvos)) (&& (>= netstandard2.0) (>= xamarinwatchos)) (>= xamarinios) (>= xamarinmac)
      System.Buffers (>= 4.5.1) - restriction: && (< monoandroid) (< net46) (< netcoreapp2.0) (>= netstandard2.0) (< netstandard2.1) (< xamarintvos) (< xamarinwatchos)
      System.Formats.Asn1 (>= 5.0) - restriction: || (&& (>= monoandroid) (< netstandard1.3)) (&& (< monoandroid) (< net46) (< netcoreapp2.0) (>= netstandard2.0) (< netstandard2.1)) (&& (< monoandroid) (>= netcoreapp2.0) (< netcoreapp2.1) (< netstandard2.1)) (>= monotouch) (&& (< netcoreapp2.0) (>= netstandard2.1)) (>= netcoreapp3.0) (>= uap10.1) (>= xamarinios) (>= xamarinmac) (>= xamarintvos) (>= xamarinwatchos)
      System.Memory (>= 4.5.4) - restriction: || (&& (< monoandroid) (< net46) (< netcoreapp2.0) (>= netstandard2.0) (< netstandard2.1) (< xamarintvos) (< xamarinwatchos)) (&& (< monoandroid) (>= netcoreapp2.0) (< netcoreapp2.1) (< netstandard2.1) (< xamarintvos) (< xamarinwatchos)) (>= uap10.1)
      System.Security.Cryptography.Cng (>= 5.0) - restriction: || (&& (< monoandroid) (< net46) (< netcoreapp2.0) (>= netstandard2.0) (< netstandard2.1) (< xamarintvos) (< xamarinwatchos)) (&& (< monoandroid) (>= netcoreapp2.0) (< netcoreapp2.1) (< netstandard2.1) (< xamarintvos) (< xamarinwatchos)) (&& (< monoandroid) (>= netcoreapp2.1) (< netstandard2.1) (< xamarintvos) (< xamarinwatchos)) (&& (< netcoreapp2.0) (>= netstandard2.1) (< xamarinios) (< xamarinmac) (< xamarintvos) (< xamarinwatchos)) (&& (>= netcoreapp3.0) (< xamarinios) (< xamarinmac) (< xamarintvos) (< xamarinwatchos))
    System.Security.Cryptography.Primitives (4.3) - restriction: || (&& (< monoandroid) (< net46) (< netstandard1.4) (>= netstandard2.0)) (&& (< monoandroid) (< net46) (< netstandard1.6) (>= netstandard2.0)) (&& (< monoandroid) (>= net5.0) (< netstandard1.4)) (&& (< monoandroid) (>= net5.0) (< netstandard1.6)) (&& (< monoandroid) (>= net5.0) (< netstandard2.0) (< xamarintvos) (< xamarinwatchos)) (&& (>= net46) (>= net5.0) (< netstandard1.4)) (&& (>= net46) (< netstandard1.4) (>= netstandard2.0)) (&& (< net46) (>= net461) (< netstandard1.6) (>= netstandard2.0)) (&& (< net46) (>= net47) (>= netstandard2.0)) (&& (>= net461) (< net462) (< netstandard1.6) (>= netstandard2.0)) (&& (>= net461) (>= net5.0) (< netstandard1.4)) (&& (>= net461) (>= net5.0) (< netstandard1.6)) (&& (>= net461) (< netstandard1.4) (>= netstandard2.0)) (&& (>= net462) (>= net5.0) (< netstandard1.4)) (&& (>= net462) (>= net5.0) (< netstandard1.6)) (&& (>= net462) (< netstandard1.4) (>= netstandard2.0)) (&& (>= net462) (< netstandard1.6) (>= netstandard2.0)) (&& (>= net463) (>= net5.0) (< netstandard1.4)) (&& (>= net463) (>= net5.0) (< netstandard1.6)) (&& (>= net463) (>= net5.0) (< netstandard2.0)) (&& (>= net463) (< netstandard1.4) (>= netstandard2.0)) (&& (>= net463) (< netstandard1.6) (>= netstandard2.0)) (&& (>= net47) (< net472) (>= netstandard2.0)) (&& (>= net47) (>= net5.0)) (&& (>= net47) (< netstandard1.4) (>= netstandard2.0)) (&& (>= net47) (< netstandard1.6) (>= netstandard2.0))
    System.Security.Cryptography.ProtectedData (5.0) - restriction: || (&& (< net45) (>= netstandard2.0)) (&& (< net461) (>= net472)) (&& (>= net5.0) (< xamarinios) (< xamarinmac) (< xamarintvos) (< xamarinwatchos))
    System.Security.Cryptography.Xml (5.0) - restriction: && (< net472) (>= netstandard2.0)
      System.Memory (>= 4.5.4) - restriction: && (< net461) (< netcoreapp2.1) (>= netstandard2.0) (< xamarinios) (< xamarinmac) (< xamarintvos) (< xamarinwatchos)
      System.Security.Cryptography.Pkcs (>= 5.0) - restriction: || (&& (>= monoandroid) (< netstandard2.0)) (>= monotouch) (&& (< net461) (>= netstandard2.0)) (>= netcoreapp2.1) (>= xamarinios) (>= xamarinmac) (>= xamarintvos) (>= xamarinwatchos)
      System.Security.Permissions (>= 5.0) - restriction: || (>= monoandroid) (>= monotouch) (>= net461) (>= netstandard2.0) (>= xamarintvos) (>= xamarinwatchos)
    System.Security.Permissions (5.0) - restriction: >= netstandard2.0
      System.Security.AccessControl (>= 5.0) - restriction: || (>= net461) (>= netstandard2.0)
      System.Windows.Extensions (>= 5.0) - restriction: >= netcoreapp3.0
    System.Security.Principal.Windows (5.0) - restriction: || (&& (>= monoandroid) (< netstandard1.3) (>= netstandard2.0)) (&& (< monoandroid) (>= netcoreapp2.0)) (&& (>= monotouch) (>= netstandard2.0)) (&& (< net45) (>= net461) (>= netstandard2.0)) (&& (< net45) (< netcoreapp2.0) (>= netstandard2.0)) (>= netcoreapp2.1) (&& (>= netstandard2.0) (>= uap10.1)) (&& (>= netstandard2.0) (>= xamarintvos)) (&& (>= netstandard2.0) (>= xamarinwatchos)) (>= xamarinios) (>= xamarinmac)
      Microsoft.NETCore.Platforms (>= 5.0) - restriction: || (&& (>= netcoreapp2.0) (< netcoreapp2.1)) (&& (>= netcoreapp2.1) (< netcoreapp3.0))
    System.Text.Encoding.CodePages (5.0) - restriction: || (&& (< net472) (>= netstandard2.0)) (>= net5.0)
      Microsoft.NETCore.Platforms (>= 5.0) - restriction: || (&& (< monoandroid) (>= netcoreapp2.0) (< xamarinios) (< xamarinmac) (< xamarintvos) (< xamarinwatchos)) (>= net5.0)
    System.Text.Encodings.Web (5.0.1) - restriction: || (&& (>= monoandroid) (>= net5.0) (< netstandard2.0)) (&& (< monoandroid) (>= net5.0) (< netcoreapp2.1) (< xamarinios) (< xamarinmac) (< xamarintvos) (< xamarinwatchos)) (&& (< monoandroid) (>= net5.0) (< netcoreapp3.0) (< xamarinios) (< xamarinmac) (< xamarintvos) (< xamarinwatchos)) (&& (>= monotouch) (>= net5.0)) (&& (>= net461) (>= net5.0)) (>= net472) (&& (>= net5.0) (< netcoreapp2.0) (>= xamarinios)) (&& (>= net5.0) (< netcoreapp2.0) (< xamarinios) (< xamarinmac) (< xamarintvos) (< xamarinwatchos)) (&& (>= net5.0) (< netcoreapp2.0) (>= xamarinmac)) (&& (>= net5.0) (< netstandard2.0) (>= xamarintvos)) (&& (>= net5.0) (< netstandard2.0) (>= xamarinwatchos)) (&& (>= net5.0) (>= uap10.1))
      System.Buffers (>= 4.5.1) - restriction: || (&& (< net45) (< netcoreapp2.0) (>= netstandard2.0) (< netstandard2.1)) (>= net461)
      System.Memory (>= 4.5.4) - restriction: || (&& (< net45) (< netcoreapp2.0) (>= netstandard2.0) (< netstandard2.1)) (>= net461) (&& (>= netcoreapp2.0) (< netcoreapp2.1) (< netstandard2.1)) (>= uap10.1)
    System.Text.Json (5.0.2) - restriction: || (>= net472) (>= net5.0)
      Microsoft.Bcl.AsyncInterfaces (>= 5.0) - restriction: || (&& (>= monoandroid) (< netstandard2.0)) (&& (< monoandroid) (>= netcoreapp2.0) (< netcoreapp2.1) (< xamarinios) (< xamarinmac) (< xamarintvos) (< xamarinwatchos)) (&& (< monoandroid) (>= netcoreapp2.1) (< netcoreapp3.0) (< xamarinios) (< xamarinmac) (< xamarintvos) (< xamarinwatchos)) (>= monotouch) (>= net461) (&& (< netcoreapp2.0) (>= netstandard2.0) (< xamarinios) (< xamarinmac) (< xamarintvos) (< xamarinwatchos)) (&& (< netcoreapp2.0) (>= xamarinios)) (&& (< netcoreapp2.0) (>= xamarinmac)) (&& (< netstandard2.0) (>= xamarintvos)) (&& (< netstandard2.0) (>= xamarinwatchos)) (>= uap10.1)
      System.Buffers (>= 4.5.1) - restriction: || (&& (>= monoandroid) (< netstandard2.0)) (>= monotouch) (>= net461) (&& (< netcoreapp2.0) (>= netstandard2.0) (< xamarinios) (< xamarinmac) (< xamarintvos) (< xamarinwatchos)) (&& (< netcoreapp2.0) (>= xamarinios)) (&& (< netcoreapp2.0) (>= xamarinmac)) (&& (< netstandard2.0) (>= xamarintvos)) (&& (< netstandard2.0) (>= xamarinwatchos))
      System.Memory (>= 4.5.4) - restriction: || (&& (< monoandroid) (>= netcoreapp2.0) (< netcoreapp2.1) (< xamarinios) (< xamarinmac) (< xamarintvos) (< xamarinwatchos)) (>= net461) (&& (< netcoreapp2.0) (>= netstandard2.0) (< xamarinios) (< xamarinmac) (< xamarintvos) (< xamarinwatchos)) (>= uap10.1)
      System.Numerics.Vectors (>= 4.5) - restriction: || (>= net461) (&& (< netcoreapp2.0) (>= netstandard2.0) (< xamarinios) (< xamarinmac) (< xamarintvos) (< xamarinwatchos))
      System.Runtime.CompilerServices.Unsafe (>= 5.0) - restriction: || (&& (>= monoandroid) (< netstandard2.0)) (&& (< monoandroid) (< net5.0) (>= netcoreapp3.0) (< xamarinios) (< xamarinmac) (< xamarintvos) (< xamarinwatchos)) (&& (< monoandroid) (>= netcoreapp2.0) (< netcoreapp2.1) (< xamarinios) (< xamarinmac) (< xamarintvos) (< xamarinwatchos)) (&& (< monoandroid) (>= netcoreapp2.1) (< netcoreapp3.0) (< xamarinios) (< xamarinmac) (< xamarintvos) (< xamarinwatchos)) (>= monotouch) (>= net461) (&& (< netcoreapp2.0) (>= netstandard2.0) (< xamarinios) (< xamarinmac) (< xamarintvos) (< xamarinwatchos)) (&& (< netcoreapp2.0) (>= xamarinios)) (&& (< netcoreapp2.0) (>= xamarinmac)) (&& (< netstandard2.0) (>= xamarintvos)) (&& (< netstandard2.0) (>= xamarinwatchos)) (>= uap10.1)
      System.Text.Encodings.Web (>= 5.0.1) - restriction: || (&& (>= monoandroid) (< netstandard2.0)) (&& (< monoandroid) (< net5.0) (>= netcoreapp3.0) (< xamarinios) (< xamarinmac) (< xamarintvos) (< xamarinwatchos)) (&& (< monoandroid) (>= netcoreapp2.0) (< netcoreapp2.1) (< xamarinios) (< xamarinmac) (< xamarintvos) (< xamarinwatchos)) (&& (< monoandroid) (>= netcoreapp2.1) (< netcoreapp3.0) (< xamarinios) (< xamarinmac) (< xamarintvos) (< xamarinwatchos)) (>= monotouch) (>= net461) (&& (< netcoreapp2.0) (>= netstandard2.0) (< xamarinios) (< xamarinmac) (< xamarintvos) (< xamarinwatchos)) (&& (< netcoreapp2.0) (>= xamarinios)) (&& (< netcoreapp2.0) (>= xamarinmac)) (&& (< netstandard2.0) (>= xamarintvos)) (&& (< netstandard2.0) (>= xamarinwatchos)) (>= uap10.1)
      System.Threading.Tasks.Extensions (>= 4.5.4) - restriction: || (&& (< monoandroid) (>= netcoreapp2.0) (< netcoreapp2.1) (< xamarinios) (< xamarinmac) (< xamarintvos) (< xamarinwatchos)) (>= net461) (&& (< netcoreapp2.0) (>= netstandard2.0) (< xamarinios) (< xamarinmac) (< xamarintvos) (< xamarinwatchos)) (>= uap10.1)
      System.ValueTuple (>= 4.5) - restriction: >= net461
    System.Threading.Tasks.Dataflow (5.0) - restriction: >= netstandard2.0
    System.Threading.Tasks.Extensions (4.5.4) - restriction: || (&& (< monoandroid) (>= net5.0) (< netcoreapp2.1) (< xamarinios) (< xamarinmac) (< xamarintvos) (< xamarinwatchos)) (&& (>= net461) (>= net5.0)) (>= net472) (&& (>= net5.0) (< netcoreapp2.0) (< xamarinios) (< xamarinmac) (< xamarintvos) (< xamarinwatchos)) (&& (>= net5.0) (>= uap10.1)) (&& (< netcoreapp3.1) (>= netstandard2.0)) (&& (>= netstandard2.0) (>= uap10.1))
      System.Runtime.CompilerServices.Unsafe (>= 4.5.3) - restriction: || (&& (< monoandroid) (< monotouch) (< net45) (>= netstandard1.0) (< netstandard2.0) (< win8) (< wpa81) (< xamarintvos) (< xamarinwatchos)) (&& (< monoandroid) (< netstandard1.0) (>= portable-net45+win8+wp8+wpa81) (< win8)) (&& (>= net45) (< netstandard2.0)) (&& (< net45) (< netcoreapp2.1) (>= netstandard2.0) (< xamarinios) (< xamarinmac) (< xamarintvos) (< xamarinwatchos)) (>= net461) (&& (< netstandard1.0) (>= win8)) (&& (< netstandard2.0) (>= wpa81)) (>= wp8)
    System.ValueTuple (4.5) - restriction: || (&& (>= net45) (>= netstandard2.0)) (&& (>= net461) (>= net5.0)) (>= net472)
    System.Windows.Extensions (5.0) - restriction: >= netcoreapp3.0
      System.Drawing.Common (>= 5.0) - restriction: >= netcoreapp3.0
